GEM
  remote: https://rubygems.org/
  specs:
    webrick (1.8.1)

PLATFORMS
  arm64-darwin-23
  ruby
  x86_64-linux

DEPENDENCIES
  webrick

BUNDLED WITH
   2.5.3
